GEM
  specs:
    addressable (2.2.8)
    coffee-script (2.2.0)
      coffee-script-source
      execjs
    coffee-script-source (1.3.3)
    daemons (1.1.8)
    em-websocket (0.3.6)
      addressable (>= 2.1.1)
      eventmachine (>= 0.12.9)
    eventmachine (0.12.10)
    execjs (1.4.0)
      multi_json (~> 1.0)
    haml (3.1.5)
    highcarb (0.1)
      coffee-script
      em-websocket
      haml
      kramdown
      mime-types
      nokogiri
      sass
      thin
      trollop
    kramdown (0.13.6)
    mime-types (1.18)
    multi_json (1.3.6)
    nokogiri (1.5.3)
    rack (1.4.1)
    sass (3.1.19)
    thin (1.3.1)
      daemons (>= 1.0.9)
      eventmachine (>= 0.12.6)
      rack (>= 1.0.0)
    trollop (1.16.2)

PLATFORMS
  ruby

DEPENDENCIES
  highcarb
